GEM
  remote: https://rubygems.org/
  specs:
    asciidoctor (2.0.18)

PLATFORMS
  x86_64-linux

DEPENDENCIES
  asciidoctor (= 2.0.18)

BUNDLED WITH
   2.4.22
